GEM
  remote: https://rubygems.org/
  specs:
    bigdecimal (3.2.2)
    fileutils (1.7.3)
    json (2.13.2)
    oj (3.16.11)
      bigdecimal (>= 3.0)
      ostruct (>= 0.2)
    ostruct (0.6.3)

PLATFORMS
  ruby
  x86_64-linux

DEPENDENCIES
  fileutils
  json
  oj

BUNDLED WITH
   2.7.1
